PATH
  remote: .
  specs:
    wifidiag (0.1.0)
      sinatra
      wlc_snmp

GEM
  remote: https://rubygems.org/
  specs:
    diff-lcs (1.3)
    mustermann (1.0.1)
    puma (3.10.0)
    rack (2.0.3)
    rack-protection (2.0.0)
      rack
    rake (12.0.0)
    rspec (3.6.0)
      rspec-core (~> 3.6.0)
      rspec-expectations (~> 3.6.0)
      rspec-mocks (~> 3.6.0)
    rspec-core (3.6.0)
      rspec-support (~> 3.6.0)
    rspec-expectations (3.6.0)
      diff-lcs (>= 1.2.0, < 2.0)
      rspec-support (~> 3.6.0)
    rspec-mocks (3.6.0)
      diff-lcs (>= 1.2.0, < 2.0)
      rspec-support (~> 3.6.0)
    rspec-support (3.6.0)
    sinatra (2.0.0)
      mustermann (~> 1.0)
      rack (~> 2.0)
      rack-protection (= 2.0.0)
      tilt (~> 2.0)
    snmp (1.2.0)
    tilt (2.0.8)
    wlc_snmp (0.1.0)
      snmp

PLATFORMS
  ruby

DEPENDENCIES
  bundler
  puma
  rake
  rspec (~> 3.0)
  wifidiag!

BUNDLED WITH
   1.14.6
